GEM
  remote: https://rubygems.org/
  specs:
    coderay (1.1.0)
    faraday (0.9.2)
      multipart-post (>= 1.2, < 3)
    method_source (0.8.2)
    multipart-post (2.0.0)
    pry (0.10.3)
      coderay (~> 1.1.0)
      method_source (~> 0.8.1)
      slop (~> 3.4)
    puma (2.14.0)
    rack (1.6.4)
    redis (3.2.1)
    slop (3.6.0)

PLATFORMS
  ruby

DEPENDENCIES
  bundler
  faraday
  pry
  puma
  rack
  redis

BUNDLED WITH
   1.10.6
